GIT
  remote: https://github.com/dementrock/delayed_job_mongoid.git
  revision: 48b1420d59bc01e0b1aba1c2ad66bda4a5e04b9a
  specs:
    delayed_job_mongoid (1.0.8)
      delayed_job (~> 3.0.0)
      mongoid (>= 3.0.0.rc)

GIT
  remote: https://github.com/dementrock/kaminari.git
  revision: 82a38e07db1ca1598c8daf073a8f6be22ae714d6
  specs:
    kaminari (0.13.0)
      actionpack (>= 3.0.0)
      activesupport (>= 3.0.0)

GIT
  remote: https://github.com/dementrock/mongoid-magic-counter-cache.git
  revision: 28bc5e617cab19187b323e7d97d49fe73a7de68a
  specs:
    mongoid_magic_counter_cache (0.1.1)
      mongoid (>= 3.0)
      rake

GIT
  remote: https://github.com/dementrock/mongoid-tree.git
  revision: 5aa7a4ee16cd90dbbcac3ad702446d2119e971df
  specs:
    mongoid-tree (1.0.0)
      mongoid (>= 3.0, <= 4.0)

GIT
  remote: https://github.com/dementrock/mongoid_taggable_with_context.git
  revision: 7cf165bd828f969cdd386102eed04ac35431a920
  specs:
    mongoid_taggable_with_context (0.8.1.1)
      mongoid (>= 3.0.1)

GIT
  remote: https://github.com/dementrock/voteable_mongo.git
  revision: 538e86856daa1c180ba80b7c6f2805e531ba420c
  specs:
    voteable_mongo (0.9.3)

GEM
  remote: http://rubygems.org/
  specs:
    actionpack (3.2.13)
      activemodel (= 3.2.13)
      activesupport (= 3.2.13)
      builder (~> 3.0.0)
      erubis (~> 2.7.0)
      journey (~> 1.0.4)
      rack (~> 1.4.5)
      rack-cache (~> 1.2)
      rack-test (~> 0.6.1)
      sprockets (~> 2.2.1)
    activemodel (3.2.13)
      activesupport (= 3.2.13)
      builder (~> 3.0.0)
    activesupport (3.2.13)
      i18n (= 0.6.1)
      multi_json (~> 1.0)
    ampex (3.0.0)
      blankslate
    ansi (1.4.3)
    blankslate (3.1.2)
    bson (1.9.0)
    bson_ext (1.9.0)
      bson (~> 1.9.0)
    builder (3.0.4)
    coderay (1.0.9)
    dalli (2.6.4)
    delayed_job (3.0.5)
      activesupport (~> 3.0)
    diff-lcs (1.2.4)
    erubis (2.7.0)
    faker (1.1.2)
      i18n (~> 0.5)
    ffi (1.9.0)
    formatador (0.2.4)
    guard (1.8.1)
      formatador (>= 0.2.4)
      listen (>= 1.0.0)
      lumberjack (>= 1.0.2)
      pry (>= 0.9.10)
      thor (>= 0.14.6)
    guard-unicorn (0.0.9)
      guard (>= 1.1)
    hashr (0.0.22)
    hike (1.2.3)
    i18n (0.6.1)
    journey (1.0.4)
    kgio (2.8.0)
    listen (1.2.2)
      rb-fsevent (>= 0.9.3)
      rb-inotify (>= 0.9)
      rb-kqueue (>= 0.2)
    lumberjack (1.0.4)
    method_source (0.8.1)
    mime-types (1.23)
    mini_portile (0.5.1)
    mongo (1.9.0)
      bson (~> 1.9.0)
    mongoid (3.1.4)
      activemodel (~> 3.2)
      moped (~> 1.4)
      origin (~> 1.0)
      tzinfo (~> 0.3.22)
    moped (1.5.0)
    multi_json (1.7.7)
    newrelic_rpm (3.6.5.130)
    nokogiri (1.6.0)
      mini_portile (~> 0.5.0)
    origin (1.1.0)
    pry (0.9.12.2)
      coderay (~> 1.0.5)
      method_source (~> 0.8)
      slop (~> 3.4)
    pry-nav (0.2.3)
      pry (~> 0.9.10)
    rack (1.4.5)
    rack-cache (1.2)
      rack (>= 0.4)
    rack-protection (1.5.0)
      rack
    rack-test (0.6.2)
      rack (>= 1.0)
    raindrops (0.11.0)
    rake (10.1.0)
    rb-fsevent (0.9.3)
    rb-inotify (0.9.0)
      ffi (>= 0.5.0)
    rb-kqueue (0.2.0)
      ffi (>= 0.5.0)
    rdiscount (2.1.6)
    rest-client (1.6.7)
      mime-types (>= 1.16)
    rspec (2.14.0)
      rspec-core (~> 2.14.0)
      rspec-expectations (~> 2.14.0)
      rspec-mocks (~> 2.14.0)
    rspec-core (2.14.0)
    rspec-expectations (2.14.0)
      diff-lcs (>= 1.1.3, < 2.0)
    rspec-mocks (2.14.0)
    sinatra (1.4.3)
      rack (~> 1.4)
      rack-protection (~> 1.4)
      tilt (~> 1.3, >= 1.3.4)
    slop (3.4.5)
    sprockets (2.2.2)
      hike (~> 1.2)
      multi_json (~> 1.0)
      rack (~> 1.0)
      tilt (~> 1.1, != 1.3.0)
    thor (0.18.1)
    tilt (1.4.1)
    tire (0.6.0)
      activemodel (>= 3.0)
      activesupport
      ansi
      hashr (~> 0.0.19)
      multi_json (~> 1.3)
      rake
      rest-client (~> 1.6)
    tire-contrib (0.1.3)
      tire
    tzinfo (0.3.37)
    unicorn (4.6.3)
      kgio (~> 2.6)
      rack
      raindrops (~> 0.7)
    yajl-ruby (1.1.0)

PLATFORMS
  ruby

DEPENDENCIES
  ampex
  bson_ext
  bundler
  dalli
  delayed_job
  delayed_job_mongoid!
  faker
  guard
  guard-unicorn
  kaminari!
  mongo
  mongoid (~> 3.0)
  mongoid-tree!
  mongoid_magic_counter_cache!
  mongoid_taggable_with_context!
  moped
  newrelic_rpm
  nokogiri
  pry
  pry-nav
  rack-test
  rake
  rdiscount
  rest-client
  rspec
  sinatra
  tire
  tire-contrib
  unicorn
  voteable_mongo!
  yajl-ruby
