GIT
  remote: https://github.com/dementrock/mongoid-tree.git
  revision: 5aa7a4ee16cd90dbbcac3ad702446d2119e971df
  specs:
    mongoid-tree (1.0.0)
      mongoid (>= 3.0, <= 4.0)

GIT
  remote: https://github.com/rack/rack-contrib.git
  revision: 6ff3ca2b2d988911ca52a2712f6a7da5e064aa27
  ref: 6ff3ca2b2d988911ca52a2712f6a7da5e064aa27
  specs:
    rack-contrib (1.2.0)
      rack (>= 0.9.1)

GEM
  remote: https://rubygems.org/
  specs:
    activemodel (4.1.7)
      activesupport (= 4.1.7)
      builder (~> 3.1)
    activesupport (4.1.7)
      i18n (~> 0.6, >= 0.6.9)
      json (~> 1.7, >= 1.7.7)
      minitest (~> 5.1)
      thread_safe (~> 0.1)
      tzinfo (~> 1.1)
    ampex (2.0.0)
      blankslate
    ansi (1.4.3)
    blankslate (2.1.2.4)
    bson (2.3.0)
    builder (3.2.2)
    coderay (1.0.7)
    connection_pool (2.0.0)
    dalli (2.1.0)
    database_cleaner (1.2.0)
    diff-lcs (1.1.3)
    enumerize (0.8.0)
      activesupport (>= 3.2)
    faker (1.0.1)
      i18n (~> 0.4)
    guard (1.3.2)
      listen (>= 0.4.2)
      thor (>= 0.14.6)
    guard-unicorn (0.0.7)
      guard (>= 1.1)
    hashr (0.0.22)
    i18n (0.6.11)
    json (1.8.1)
    kgio (2.7.4)
    listen (0.5.0)
    method_source (0.8)
    mime-types (2.2)
    minitest (5.4.2)
    mongoid (4.0.0)
      activemodel (~> 4.0)
      moped (~> 2.0.0)
      origin (~> 2.1)
      tzinfo (>= 0.3.37)
    mongoid_magic_counter_cache (1.1.0)
      mongoid
      rake
    moped (2.0.1)
      bson (~> 2.2)
      connection_pool (~> 2.0)
      optionable (~> 0.2.0)
    multi_json (1.10.1)
    newrelic_moped (0.0.11)
      moped
      newrelic_rpm (>= 3.7)
    newrelic_rpm (3.9.5.251)
    nokogiri (1.5.5)
    optionable (0.2.0)
    origin (2.1.1)
    protected_attributes (1.0.8)
      activemodel (>= 4.0.1, < 5.0)
    pry (0.9.10)
      coderay (~> 1.0.5)
      method_source (~> 0.8)
      slop (~> 3.3.1)
    pry-nav (0.2.2)
      pry (~> 0.9.10)
    rack (1.4.1)
    rack-protection (1.2.0)
      rack
    rack-test (0.6.1)
      rack (>= 1.0)
    rack-timeout (0.1.0beta3)
    raindrops (0.10.0)
    rake (10.3.1)
    rdiscount (1.6.8)
    rest-client (1.6.7)
      mime-types (>= 1.16)
    rs_voteable_mongo (1.0.2)
      mongoid (>= 3.0, < 5.0)
    rspec (2.11.0)
      rspec-core (~> 2.11.0)
      rspec-expectations (~> 2.11.0)
      rspec-mocks (~> 2.11.0)
    rspec-core (2.11.1)
    rspec-expectations (2.11.2)
      diff-lcs (~> 1.1.3)
    rspec-mocks (2.11.2)
    simplecov (0.7.1)
      multi_json (~> 1.0)
      simplecov-html (~> 0.7.1)
    simplecov-html (0.7.1)
    sinatra (1.3.3)
      rack (~> 1.3, >= 1.3.6)
      rack-protection (~> 1.2)
      tilt (~> 1.3, >= 1.3.3)
    slop (3.3.2)
    thor (0.16.0)
    thread_safe (0.3.4)
    tilt (1.3.3)
    tire (0.6.2)
      activemodel (>= 3.0)
      activesupport
      ansi
      hashr (~> 0.0.19)
      multi_json (~> 1.3)
      rake
      rest-client (~> 1.6)
    tire-contrib (0.1.1)
      tire
    tzinfo (1.2.2)
      thread_safe (~> 0.1)
    unicorn (4.3.1)
      kgio (~> 2.6)
      rack
      raindrops (~> 0.7)
    will_paginate (3.0.4)
    will_paginate_mongoid (1.1.0)
      mongoid (>= 2.4)
      will_paginate (~> 3.0)
    yajl-ruby (1.1.0)

PLATFORMS
  ruby

DEPENDENCIES
  ampex
  bundler
  dalli
  database_cleaner
  enumerize (~> 0.8.0)
  faker
  guard
  guard-unicorn
  i18n
  mongoid (= 4.0.0)
  mongoid-tree!
  mongoid_magic_counter_cache
  newrelic_moped
  newrelic_rpm
  nokogiri
  protected_attributes
  pry
  pry-nav
  rack-contrib!
  rack-test
  rack-timeout (= 0.1.0beta3)
  rake
  rdiscount
  rest-client
  rs_voteable_mongo
  rspec
  simplecov
  sinatra
  tire (= 0.6.2)
  tire-contrib
  unicorn
  will_paginate_mongoid
  yajl-ruby
